PATH
  remote: .
  specs:
    wee (2.2.0)
      fast_gettext (>= 0.4.17)
      mspec (>= 1.5.9)
      rack (>= 1.0.0)

GEM
  remote: http://rubygems.org/
  specs:
    fast_gettext (0.6.4)
    mspec (1.5.17)
    rack (1.4.1)
    rake (0.9.2.2)

PLATFORMS
  ruby

DEPENDENCIES
  rake
  wee!
